GEM
  remote: https://rubygems.org/
  specs:
    httpclient (2.4.0)
    json (1.8.1)
    multi_json (1.10.1)
    pusher (0.14.1)
      httpclient (~> 2.3)
      multi_json (~> 1.0)
      signature (~> 0.1.6)
    pusher-client (0.6.0)
      json
      websocket (~> 1.0)
    signature (0.1.7)
    websocket (1.2.1)

PLATFORMS
  ruby

DEPENDENCIES
  pusher
  pusher-client
